GEM
  remote: https://rubygems.org/
  specs:
    actionmailer (4.0.2)
      actionpack (= 4.0.2)
      mail (~> 2.5.4)
    actionpack (4.0.2)
      activesupport (= 4.0.2)
      builder (~> 3.1.0)
      erubis (~> 2.7.0)
      rack (~> 1.5.2)
      rack-test (~> 0.6.2)
    activemodel (4.0.2)
      activesupport (= 4.0.2)
      builder (~> 3.1.0)
    activerecord (4.0.2)
      activemodel (= 4.0.2)
      activerecord-deprecated_finders (~> 1.0.2)
      activesupport (= 4.0.2)
      arel (~> 4.0.0)
    activerecord-deprecated_finders (1.0.3)
    activesupport (4.0.2)
      i18n (~> 0.6, >= 0.6.4)
      minitest (~> 4.2)
      multi_json (~> 1.3)
      thread_safe (~> 0.1)
      tzinfo (~> 0.3.37)
    arel (4.0.1)
    atomic (1.1.14)
    binding_of_caller (0.7.2)
      debug_inspector (>= 0.0.1)
    bond (0.4.3)
    builder (3.1.4)
    coderay (1.1.0)
    columnize (0.3.6)
    daemons (1.1.9)
    debug_inspector (0.0.2)
    debugger (1.6.3)
      columnize (>= 0.3.1)
      debugger-linecache (~> 1.2.0)
      debugger-ruby_core_source (~> 1.2.4)
    debugger-linecache (1.2.0)
    debugger-ruby_core_source (1.2.4)
    erubis (2.7.0)
    eventmachine (1.0.3)
    execjs (2.0.2)
    fakeredis (0.4.3)
      redis (~> 3.0.0)
    fakeweb (1.3.0)
    hike (1.2.3)
    httparty (0.12.0)
      json (~> 1.8)
      multi_xml (>= 0.5.2)
    i18n (0.6.9)
    interception (0.3)
    jist (1.5.1)
      json
    json (1.8.1)
    kgio (2.8.1)
    mail (2.5.4)
      mime-types (~> 1.16)
      treetop (~> 1.4.8)
    method_source (0.8.2)
    mime-types (1.25.1)
    minitest (4.7.5)
    multi_json (1.8.4)
    multi_xml (0.5.5)
    newrelic_rpm (3.7.0.177)
    pg (0.17.1)
    polyglot (0.3.3)
    pry (0.9.12.4)
      coderay (~> 1.0)
      method_source (~> 0.8)
      slop (~> 3.4)
    pry-debugger (0.2.2)
      debugger (~> 1.3)
      pry (~> 0.9.10)
    pry-doc (0.4.6)
      pry (>= 0.9)
      yard (>= 0.8)
    pry-docmore (0.1.1)
      pry
      pry-doc
    pry-plus (1.0.0)
      bond
      jist
      pry-debugger
      pry-doc
      pry-docmore
      pry-rescue
      pry-stack_explorer
    pry-rails (0.3.2)
      pry (>= 0.9.10)
    pry-rescue (1.2.0)
      interception (>= 0.3)
      pry
    pry-stack_explorer (0.4.9.1)
      binding_of_caller (>= 0.7)
      pry (>= 0.9.11)
    rack (1.5.2)
    rack-test (0.6.2)
      rack (>= 1.0)
    rails (4.0.2)
      actionmailer (= 4.0.2)
      actionpack (= 4.0.2)
      activerecord (= 4.0.2)
      activesupport (= 4.0.2)
      bundler (>= 1.3.0, < 2.0)
      railties (= 4.0.2)
      sprockets-rails (~> 2.0.0)
    rails_12factor (0.0.2)
      rails_serve_static_assets
      rails_stdout_logging
    rails_serve_static_assets (0.0.1)
    rails_stdout_logging (0.0.3)
    railties (4.0.2)
      actionpack (= 4.0.2)
      activesupport (= 4.0.2)
      rake (>= 0.8.7)
      thor (>= 0.18.1, < 2.0)
    raindrops (0.12.0)
    rake (10.1.1)
    redis (3.0.6)
    slop (3.4.7)
    sprockets (2.10.1)
      hike (~> 1.2)
      multi_json (~> 1.0)
      rack (~> 1.0)
      tilt (~> 1.1, != 1.3.0)
    sprockets-rails (2.0.1)
      actionpack (>= 3.0)
      activesupport (>= 3.0)
      sprockets (~> 2.8)
    thin (1.6.1)
      daemons (>= 1.0.9)
      eventmachine (>= 1.0.0)
      rack (>= 1.0.0)
    thor (0.18.1)
    thread_safe (0.1.3)
      atomic
    tilt (1.4.1)
    treetop (1.4.15)
      polyglot
      polyglot (>= 0.3.1)
    tzinfo (0.3.38)
    uglifier (2.4.0)
      execjs (>= 0.3.0)
      json (>= 1.8.0)
    unicorn (4.7.0)
      kgio (~> 2.6)
      rack
      raindrops (~> 0.7)
    yard (0.8.7.3)

PLATFORMS
  ruby

DEPENDENCIES
  fakeredis
  fakeweb (~> 1.3)
  httparty
  newrelic_rpm
  pg
  pry-plus
  pry-rails
  rails (= 4.0.2)
  rails_12factor
  thin
  uglifier (>= 1.3.0)
  unicorn
